GEM
  remote: https://rubygems.org/
  specs:
    clamp (1.1.2)
    coderay (1.1.1)
    concurrent-ruby (1.0.5)
    data.either (0.0.13)
    diff-lcs (1.3)
    diffy (3.1.0)
    docile (1.1.5)
    execjs (2.7.0)
    httparty (0.14.0)
      multi_xml (>= 0.5.2)
    json (2.0.3)
    method_source (0.8.2)
    multi_xml (0.6.0)
    pry (0.10.4)
      coderay (~> 1.1.0)
      method_source (~> 0.8.1)
      slop (~> 3.4)
    puma (3.8.2)
    rack (1.6.5)
    rack-protection (1.5.3)
      rack
    rack-test (0.6.3)
      rack (>= 1.0)
    rake (12.0.0)
    roodi (5.0.0)
      ruby_parser (~> 3.2, >= 3.2.2)
    rspec (3.5.0)
      rspec-core (~> 3.5.0)
      rspec-expectations (~> 3.5.0)
      rspec-mocks (~> 3.5.0)
    rspec-core (3.5.4)
      rspec-support (~> 3.5.0)
    rspec-expectations (3.5.0)
      diff-lcs (>= 1.2.0, < 2.0)
      rspec-support (~> 3.5.0)
    rspec-mocks (3.5.0)
      diff-lcs (>= 1.2.0, < 2.0)
      rspec-support (~> 3.5.0)
    rspec-support (3.5.0)
    ruby_parser (3.8.4)
      sexp_processor (~> 4.1)
    sass (3.4.23)
    sexp_processor (4.8.0)
    shotgun (0.9.2)
      rack (>= 1.0)
    simplecov (0.14.1)
      docile (~> 1.1.0)
      json (>= 1.8, < 3)
      simplecov-html (~> 0.10.0)
    simplecov-html (0.10.0)
    sinatra (1.4.8)
      rack (~> 1.5)
      rack-protection (~> 1.4)
      tilt (>= 1.3, < 3)
    slop (3.6.0)
    sprockets (3.7.1)
      concurrent-ruby (~> 1.0)
      rack (> 1, < 3)
    tagfish (1.1.8)
      clamp (~> 1.1.0)
      diffy (~> 3.1.0)
      json (> 1.8.0, < 2.1.0)
    tilt (2.0.7)
    uglifier (3.1.9)
      execjs (>= 0.3.0, < 3)

PLATFORMS
  ruby

DEPENDENCIES
  data.either
  httparty
  pry
  puma
  rack-test
  rake
  roodi
  rspec
  sass
  shotgun
  simplecov
  sinatra
  sprockets
  tagfish
  uglifier

BUNDLED WITH
   1.13.1
